PATH
  remote: .
  specs:
    gorilla (0.0.1)

GEM
  remote: http://rubygems.org/
  specs:
    rdoctest (0.0.1)
    scantron (0.0.1)

PLATFORMS
  ruby

DEPENDENCIES
  gorilla!
  rdoctest
  scantron

METADATA
  version: 1.0.6
